GEM
  remote: http://rubygems.org/
  specs:
    activesupport (3.0.5)
    bson (1.2.4)
    bson_ext (1.2.4)
    daemons (1.1.4)
    dalli (1.0.5)
    eventmachine (0.12.10)
    i18n (0.5.0)
    jnunemaker-validatable (1.8.4)
      activesupport (>= 2.3.4)
    mongo (1.2.4)
      bson (>= 1.2.4)
    mongo_mapper (0.8.6)
      activesupport (>= 2.3.4)
      jnunemaker-validatable (~> 1.8.4)
      plucky (~> 0.3.6)
    newrelic_rpm (2.14.1)
    plucky (0.3.7)
      mongo (~> 1.1)
    rack (1.2.2)
    rack-cache (1.0.2)
      rack (>= 0.4)
    rake (0.9.2)
    sinatra (1.2.0)
      rack (~> 1.1)
      tilt (>= 1.2.2, < 2.0)
    thin (1.2.11)
      daemons (>= 1.0.9)
      eventmachine (>= 0.12.6)
      rack (>= 1.0.0)
    tilt (1.2.2)
    yajl-ruby (0.8.1)

PLATFORMS
  ruby

DEPENDENCIES
  bson_ext
  dalli
  i18n
  mongo_mapper (= 0.8.6)
  newrelic_rpm
  rack-cache
  rake
  sinatra (= 1.2.0)
  thin
  yajl-ruby (= 0.8.1)
