GEM
  remote: http://rubygems.org/
  specs:
    activesupport (3.0.5)
    bson (1.2.4)
    bson_ext (1.2.4)
    i18n (0.5.0)
    jnunemaker-validatable (1.8.4)
      activesupport (>= 2.3.4)
    mime-types (1.16)
    mongo (1.2.4)
      bson (>= 1.2.4)
    mongo_mapper (0.8.6)
      activesupport (>= 2.3.4)
      jnunemaker-validatable (~> 1.8.4)
      plucky (~> 0.3.6)
    plucky (0.3.7)
      mongo (~> 1.1)
    rack (1.2.2)
    rest-client (1.6.1)
      mime-types (>= 1.16)
    sinatra (1.2.0)
      rack (~> 1.1)
      tilt (>= 1.2.2, < 2.0)
    sinatra-namespace (0.6.1)
      sinatra (~> 1.1)
    tilt (1.2.2)
    yajl-ruby (0.8.1)

PLATFORMS
  ruby

DEPENDENCIES
  bson_ext
  i18n
  mongo_mapper (= 0.8.6)
  rest-client (= 1.6.1)
  sinatra (= 1.2.0)
  sinatra-namespace (= 0.6.1)
  yajl-ruby (= 0.8.1)
