GEM
  remote: https://rubygems.org/
  specs:
    activesupport (3.0.0)
    addressable (2.2.8)
    bcrypt-ruby (3.0.1)
    data_objects (0.10.12)
      addressable (~> 2.1)
    dm-aggregates (1.2.0)
      dm-core (~> 1.2.0)
    dm-core (1.2.0)
      addressable (~> 2.2.6)
    dm-do-adapter (1.2.0)
      data_objects (~> 0.10.6)
      dm-core (~> 1.2.0)
    dm-migrations (1.2.0)
      dm-core (~> 1.2.0)
    dm-postgres-adapter (1.2.0)
      dm-do-adapter (~> 1.2.0)
      do_postgres (~> 0.10.6)
    dm-serializer (1.2.2)
      dm-core (~> 1.2.0)
      fastercsv (~> 1.5)
      json (~> 1.6)
      json_pure (~> 1.6)
      multi_json (~> 1.0)
    dm-timestamps (1.2.0)
      dm-core (~> 1.2.0)
    dm-types (1.2.2)
      bcrypt-ruby (~> 3.0)
      dm-core (~> 1.2.0)
      fastercsv (~> 1.5)
      json (~> 1.6)
      multi_json (~> 1.0)
      stringex (~> 1.4)
      uuidtools (~> 2.1)
    do_postgres (0.10.12)
      data_objects (= 0.10.12)
    dotenv (2.0.1)
    faraday (0.8.7)
      multipart-post (~> 1.1)
    fastercsv (1.5.5)
    haml (4.0.6)
      tilt
    hashie (2.0.4)
    i18n (0.6.1)
    json (1.7.7)
    json_pure (1.7.7)
    mime-types (1.25.1)
    multi_json (1.6.1)
    multipart-post (1.2.0)
    newrelic_rpm (3.3.2.1)
    puma (2.9.1)
      rack (>= 1.1, < 2.0)
    rack (1.5.2)
    rack-cors (0.2.9)
    rack-protection (1.3.2)
      rack
    rake (10.4.2)
    rest-client (1.6.7)
      mime-types (>= 1.16)
    sentry-raven (0.4.6)
      faraday (>= 0.7.6)
      hashie
      multi_json (~> 1.0)
      uuidtools
    sinatra (1.3.4)
      rack (~> 1.4)
      rack-protection (~> 1.3)
      tilt (~> 1.3, >= 1.3.3)
    stringex (1.5.1)
    stripe (1.8.3)
      multi_json (>= 1.0.4, < 2)
      rest-client (~> 1.4)
    tilt (1.3.3)
    uuidtools (2.1.3)

PLATFORMS
  ruby

DEPENDENCIES
  activesupport
  dm-aggregates
  dm-core
  dm-migrations
  dm-postgres-adapter
  dm-serializer
  dm-timestamps
  dm-types
  dotenv
  haml
  i18n
  newrelic_rpm
  puma
  rack-cors
  rake
  sentry-raven
  sinatra
  stripe
