GEM
  remote: https://rubygems.org/
  specs:
    activemodel (3.2.12)
      activesupport (= 3.2.12)
      builder (~> 3.0.0)
    activesupport (3.2.12)
      i18n (~> 0.6)
      multi_json (~> 1.0)
    builder (3.0.4)
    couch_potato (0.7.1)
      activemodel
      couchrest (>= 1.0.1)
      json (~> 1.6)
    couchrest (1.1.3)
      mime-types (~> 1.15)
      multi_json (~> 1.0)
      rest-client (~> 1.6.1)
    i18n (0.6.1)
    json (1.7.7)
    kgio (2.7.4)
    mime-types (1.21)
    multi_json (1.6.1)
    rack (1.5.2)
    rack-jsonp (1.3.1)
      rack
    rack-protection (1.3.2)
      rack
    raindrops (0.10.0)
    rake (10.0.3)
    rest-client (1.6.7)
      mime-types (>= 1.16)
    sinatra (1.3.4)
      rack (~> 1.4)
      rack-protection (~> 1.3)
      tilt (~> 1.3, >= 1.3.3)
    tilt (1.3.3)
    unicorn (4.3.1)
      kgio (~> 2.6)
      rack
      raindrops (~> 0.7)

PLATFORMS
  ruby

DEPENDENCIES
  couch_potato
  rack-jsonp
  rake
  sinatra
  unicorn
